NUGET
  remote: https://www.nuget.org/api/v2
    FAKE (4.3.4)
    FluentAssertions (4.0)
      System.Collections (>= 4.0.10) - restriction: == dnxcore50
      System.Diagnostics.Debug (>= 4.0.10) - restriction: == dnxcore50
      System.Globalization (>= 4.0.10) - restriction: == dnxcore50
      System.Linq (>= 4.0) - restriction: == dnxcore50
      System.Linq.Expressions (>= 4.0.10) - restriction: == dnxcore50
      System.ObjectModel (>= 4.0.10) - restriction: == dnxcore50
      System.Reflection (>= 4.0.10) - restriction: == dnxcore50
      System.Reflection.Extensions (>= 4.0) - restriction: == dnxcore50
      System.Reflection.Primitives (>= 4.0) - restriction: == dnxcore50
      System.Reflection.TypeExtensions (>= 4.0) - restriction: == dnxcore50
      System.Runtime (>= 4.0.20) - restriction: == dnxcore50
      System.Runtime.Extensions (>= 4.0.10) - restriction: == dnxcore50
      System.Text.RegularExpressions (>= 4.0.10) - restriction: == dnxcore50
      System.Threading (>= 4.0.10) - restriction: == dnxcore50
      System.Threading.Tasks (>= 4.0.10) - restriction: == dnxcore50
      System.Xml.XDocument (>= 4.0.10) - restriction: == dnxcore50
    FsCheck (2.0.7)
      FSharp.Core (>= 3.1.2.5)
    FSharp.Compiler.Service (1.4.0.1)
    FSharp.Core (4.0.0.1)
    FSharp.Formatting (2.10)
      FSharp.Compiler.Service (>= 0.0.87)
      FSharpVSPowerTools.Core (1.8)
    FSharpVSPowerTools.Core (1.8)
      FSharp.Compiler.Service (>= 0.0.87)
    System.Collections (4.0.10) - restriction: == dnxcore50
      System.Diagnostics.Debug (>= 4.0) - restriction: == dnxcore50
      System.Resources.ResourceManager (>= 4.0) - restriction: == dnxcore50
      System.Runtime (>= 4.0) - restriction: == dnxcore50
      System.Runtime (>= 4.0.20) - restriction: == dnxcore50
      System.Runtime.Extensions (>= 4.0) - restriction: == dnxcore50
      System.Threading (>= 4.0) - restriction: == dnxcore50
    System.Diagnostics.Contracts (4.0) - restriction: == dnxcore50
      System.Runtime (>= 4.0) - restriction: == dnxcore50
    System.Diagnostics.Debug (4.0.10) - restriction: == dnxcore50
      System.Runtime (>= 4.0) - restriction: == dnxcore50
    System.Globalization (4.0.10) - restriction: == dnxcore50
      System.Runtime (>= 4.0) - restriction: == dnxcore50
    System.IO (4.0.10) - restriction: == dnxcore50
      System.Globalization (>= 4.0) - restriction: == dnxcore50
      System.Runtime (>= 4.0.20) - restriction: == dnxcore50
      System.Text.Encoding (>= 4.0) - restriction: == dnxcore50
      System.Text.Encoding (>= 4.0.10) - restriction: == dnxcore50
      System.Text.Encoding.Extensions (>= 4.0) - restriction: == dnxcore50
      System.Threading (>= 4.0) - restriction: == dnxcore50
      System.Threading.Tasks (>= 4.0) - restriction: == dnxcore50
    System.IO.FileSystem (4.0) - restriction: == dnxcore50
      System.Collections (>= 4.0.10) - restriction: == dnxcore50
      System.Diagnostics.Debug (>= 4.0.10) - restriction: == dnxcore50
      System.IO (>= 4.0) - restriction: == dnxcore50
      System.IO (>= 4.0.10) - restriction: == dnxcore50
      System.IO.FileSystem.Primitives (>= 4.0) - restriction: == dnxcore50
      System.Resources.ResourceManager (>= 4.0) - restriction: == dnxcore50
      System.Runtime (>= 4.0) - restriction: == dnxcore50
      System.Runtime (>= 4.0.20) - restriction: == dnxcore50
      System.Runtime.Extensions (>= 4.0.10) - restriction: == dnxcore50
      System.Runtime.Handles (>= 4.0) - restriction: == dnxcore50
      System.Runtime.InteropServices (>= 4.0.20) - restriction: == dnxcore50
      System.Runtime.WindowsRuntime (>= 4.0) - restriction: == dnxcore50
      System.Text.Encoding (>= 4.0) - restriction: == dnxcore50
      System.Text.Encoding (>= 4.0.10) - restriction: == dnxcore50
      System.Text.Encoding.Extensions (>= 4.0.10) - restriction: == dnxcore50
      System.Threading (>= 4.0.10) - restriction: == dnxcore50
      System.Threading.Overlapped (>= 4.0) - restriction: == dnxcore50
      System.Threading.Tasks (>= 4.0) - restriction: == dnxcore50
      System.Threading.Tasks (>= 4.0.10) - restriction: == dnxcore50
    System.IO.FileSystem.Primitives (4.0) - restriction: == dnxcore50
      System.Runtime (>= 4.0.20) - restriction: == dnxcore50
    System.Linq (4.0) - restriction: == dnxcore50
      System.Collections (>= 4.0.10) - restriction: == dnxcore50
      System.Diagnostics.Debug (>= 4.0.10) - restriction: == dnxcore50
      System.Resources.ResourceManager (>= 4.0) - restriction: == dnxcore50
      System.Runtime (>= 4.0.20) - restriction: == dnxcore50
      System.Runtime.Extensions (>= 4.0.10) - restriction: == dnxcore50
    System.Linq.Expressions (4.0.10) - restriction: == dnxcore50
      System.Collections (>= 4.0) - restriction: == dnxcore50
      System.Diagnostics.Debug (>= 4.0) - restriction: == dnxcore50
      System.Globalization (>= 4.0) - restriction: == dnxcore50
      System.IO (>= 4.0) - restriction: == dnxcore50
      System.Linq (>= 4.0) - restriction: == dnxcore50
      System.ObjectModel (>= 4.0) - restriction: == dnxcore50
      System.Reflection (>= 4.0) - restriction: == dnxcore50
      System.Reflection.Emit (>= 4.0) - restriction: == dnxcore50
      System.Reflection.Extensions (>= 4.0) - restriction: == dnxcore50
      System.Reflection.Primitives (>= 4.0) - restriction: == dnxcore50
      System.Reflection.TypeExtensions (>= 4.0) - restriction: == dnxcore50
      System.Resources.ResourceManager (>= 4.0) - restriction: == dnxcore50
      System.Runtime (>= 4.0) - restriction: == dnxcore50
      System.Runtime (>= 4.0.20) - restriction: == dnxcore50
      System.Runtime.Extensions (>= 4.0) - restriction: == dnxcore50
      System.Threading (>= 4.0) - restriction: == dnxcore50
    System.ObjectModel (4.0.10) - restriction: == dnxcore50
      System.Collections (>= 4.0.10) - restriction: == dnxcore50
      System.Diagnostics.Debug (>= 4.0.10) - restriction: == dnxcore50
      System.Resources.ResourceManager (>= 4.0) - restriction: == dnxcore50
      System.Runtime (>= 4.0.20) - restriction: == dnxcore50
      System.Threading (>= 4.0.10) - restriction: == dnxcore50
    System.Private.Uri (4.0) - restriction: == dnxcore50
    System.Reflection (4.0.10) - restriction: == dnxcore50
      System.IO (>= 4.0) - restriction: == dnxcore50
      System.Reflection.Primitives (>= 4.0) - restriction: == dnxcore50
      System.Runtime (>= 4.0.20) - restriction: == dnxcore50
    System.Reflection.Emit (4.0) - restriction: == dnxcore50
      System.IO (>= 4.0) - restriction: == dnxcore50
      System.Reflection (>= 4.0) - restriction: == dnxcore50
      System.Reflection.Emit.ILGeneration (>= 4.0) - restriction: == dnxcore50
      System.Reflection.Primitives (>= 4.0) - restriction: == dnxcore50
      System.Runtime (>= 4.0) - restriction: == dnxcore50
    System.Reflection.Emit.ILGeneration (4.0) - restriction: == dnxcore50
      System.Reflection (>= 4.0) - restriction: == dnxcore50
      System.Reflection.Primitives (>= 4.0) - restriction: == dnxcore50
      System.Runtime (>= 4.0) - restriction: == dnxcore50
    System.Reflection.Extensions (4.0) - restriction: == dnxcore50
      System.Diagnostics.Debug (>= 4.0.10) - restriction: == dnxcore50
      System.Reflection (>= 4.0) - restriction: == dnxcore50
      System.Reflection (>= 4.0.10) - restriction: == dnxcore50
      System.Reflection.Primitives (>= 4.0) - restriction: == dnxcore50
      System.Reflection.TypeExtensions (>= 4.0) - restriction: == dnxcore50
      System.Resources.ResourceManager (>= 4.0) - restriction: == dnxcore50
      System.Runtime (>= 4.0) - restriction: == dnxcore50
      System.Runtime (>= 4.0.20) - restriction: == dnxcore50
      System.Runtime.Extensions (>= 4.0.10) - restriction: == dnxcore50
    System.Reflection.Primitives (4.0) - restriction: == dnxcore50
      System.Runtime (>= 4.0) - restriction: == dnxcore50
      System.Threading (>= 4.0) - restriction: == dnxcore50
    System.Reflection.TypeExtensions (4.0) - restriction: == dnxcore50
      System.Diagnostics.Contracts (>= 4.0) - restriction: == dnxcore50
      System.Diagnostics.Debug (>= 4.0.10) - restriction: == dnxcore50
      System.Linq (>= 4.0) - restriction: == dnxcore50
      System.Reflection (>= 4.0) - restriction: == dnxcore50
      System.Reflection (>= 4.0.10) - restriction: == dnxcore50
      System.Reflection.Primitives (>= 4.0) - restriction: == dnxcore50
      System.Resources.ResourceManager (>= 4.0) - restriction: == dnxcore50
      System.Runtime (>= 4.0) - restriction: == dnxcore50
      System.Runtime (>= 4.0.20) - restriction: == dnxcore50
      System.Runtime.Extensions (>= 4.0.10) - restriction: == dnxcore50
    System.Resources.ResourceManager (4.0) - restriction: == dnxcore50
      System.Globalization (>= 4.0) - restriction: == dnxcore50
      System.Reflection (>= 4.0) - restriction: == dnxcore50
      System.Reflection (>= 4.0.10) - restriction: == dnxcore50
      System.Runtime (>= 4.0) - restriction: == dnxcore50
      System.Runtime (>= 4.0.20) - restriction: == dnxcore50
    System.Runtime (4.0.20) - restriction: == dnxcore50
      System.Private.Uri (>= 4.0) - restriction: == dnxcore50
    System.Runtime.Extensions (4.0.10) - restriction: == dnxcore50
      System.Runtime (>= 4.0.20) - restriction: == dnxcore50
    System.Runtime.Handles (4.0) - restriction: == dnxcore50
      System.Runtime (>= 4.0) - restriction: == dnxcore50
    System.Runtime.InteropServices (4.0.20) - restriction: == dnxcore50
      System.Reflection (>= 4.0) - restriction: == dnxcore50
      System.Reflection.Primitives (>= 4.0) - restriction: == dnxcore50
      System.Runtime (>= 4.0) - restriction: == dnxcore50
      System.Runtime.Handles (>= 4.0) - restriction: == dnxcore50
    System.Runtime.WindowsRuntime (4.0.10) - restriction: == dnxcore50
      System.Diagnostics.Debug (>= 4.0.10) - restriction: == dnxcore50
      System.Globalization (>= 4.0) - restriction: == dnxcore50
      System.IO (>= 4.0) - restriction: == dnxcore50
      System.IO (>= 4.0.10) - restriction: == dnxcore50
      System.ObjectModel (>= 4.0) - restriction: == dnxcore50
      System.Resources.ResourceManager (>= 4.0) - restriction: == dnxcore50
      System.Runtime (>= 4.0) - restriction: == dnxcore50
      System.Runtime (>= 4.0.20) - restriction: == dnxcore50
      System.Runtime.Extensions (>= 4.0) - restriction: == dnxcore50
      System.Runtime.InteropServices (>= 4.0.20) - restriction: == dnxcore50
      System.Threading (>= 4.0.10) - restriction: == dnxcore50
      System.Threading.Tasks (>= 4.0) - restriction: == dnxcore50
      System.Threading.Tasks (>= 4.0.10) - restriction: == dnxcore50
    System.Text.Encoding (4.0.10) - restriction: == dnxcore50
      System.Runtime (>= 4.0) - restriction: == dnxcore50
    System.Text.Encoding.Extensions (4.0.10) - restriction: == dnxcore50
      System.Runtime (>= 4.0) - restriction: == dnxcore50
      System.Text.Encoding (>= 4.0.10) - restriction: == dnxcore50
    System.Text.RegularExpressions (4.0.10) - restriction: == dnxcore50
      System.Collections (>= 4.0.10) - restriction: == dnxcore50
      System.Globalization (>= 4.0.10) - restriction: == dnxcore50
      System.Resources.ResourceManager (>= 4.0) - restriction: == dnxcore50
      System.Runtime (>= 4.0.20) - restriction: == dnxcore50
      System.Runtime.Extensions (>= 4.0.10) - restriction: == dnxcore50
      System.Threading (>= 4.0.10) - restriction: == dnxcore50
    System.Threading (4.0.10) - restriction: == dnxcore50
      System.Runtime (>= 4.0) - restriction: == dnxcore50
      System.Threading.Tasks (>= 4.0) - restriction: == dnxcore50
    System.Threading.Overlapped (4.0) - restriction: == dnxcore50
      System.Resources.ResourceManager (>= 4.0) - restriction: == dnxcore50
      System.Runtime (>= 4.0) - restriction: == dnxcore50
      System.Runtime (>= 4.0.20) - restriction: == dnxcore50
      System.Runtime.Extensions (>= 4.0) - restriction: == dnxcore50
      System.Runtime.Handles (>= 4.0) - restriction: == dnxcore50
      System.Runtime.InteropServices (>= 4.0.20) - restriction: == dnxcore50
      System.Threading (>= 4.0.10) - restriction: == dnxcore50
    System.Threading.Tasks (4.0.10) - restriction: == dnxcore50
      System.Runtime (>= 4.0) - restriction: == dnxcore50
    System.Xml.ReaderWriter (4.0.10) - restriction: == dnxcore50
      System.Collections (>= 4.0.10) - restriction: == dnxcore50
      System.Diagnostics.Debug (>= 4.0.10) - restriction: == dnxcore50
      System.Globalization (>= 4.0.10) - restriction: == dnxcore50
      System.IO (>= 4.0.10) - restriction: == dnxcore50
      System.IO.FileSystem (>= 4.0) - restriction: == dnxcore50
      System.IO.FileSystem.Primitives (>= 4.0) - restriction: == dnxcore50
      System.Resources.ResourceManager (>= 4.0) - restriction: == dnxcore50
      System.Runtime (>= 4.0.20) - restriction: == dnxcore50
      System.Runtime.Extensions (>= 4.0.10) - restriction: == dnxcore50
      System.Runtime.InteropServices (>= 4.0.20) - restriction: == dnxcore50
      System.Text.Encoding (>= 4.0.10) - restriction: == dnxcore50
      System.Text.Encoding.Extensions (>= 4.0.10) - restriction: == dnxcore50
      System.Text.RegularExpressions (>= 4.0.10) - restriction: == dnxcore50
      System.Threading.Tasks (>= 4.0.10) - restriction: == dnxcore50
    System.Xml.XDocument (4.0.10) - restriction: == dnxcore50
      System.Collections (>= 4.0.10) - restriction: == dnxcore50
      System.Diagnostics.Debug (>= 4.0.10) - restriction: == dnxcore50
      System.Globalization (>= 4.0.10) - restriction: == dnxcore50
      System.IO (>= 4.0.10) - restriction: == dnxcore50
      System.Reflection (>= 4.0.10) - restriction: == dnxcore50
      System.Resources.ResourceManager (>= 4.0) - restriction: == dnxcore50
      System.Runtime (>= 4.0.20) - restriction: == dnxcore50
      System.Runtime.Extensions (>= 4.0.10) - restriction: == dnxcore50
      System.Text.Encoding (>= 4.0.10) - restriction: == dnxcore50
      System.Threading (>= 4.0.10) - restriction: == dnxcore50
      System.Xml.ReaderWriter (>= 4.0.10) - restriction: == dnxcore50
    xunit (2.0)
      xunit.assert (2.0)
      xunit.core (2.0)
    xunit.abstractions (2.0)
    xunit.assert (2.0)
    xunit.core (2.0)
      xunit.extensibility.core (2.0)
    xunit.extensibility.core (2.0)
      xunit.abstractions (2.0)
    xunit.runner.console (2.0)
    xunit.runner.visualstudio (2.1) - version_in_path: true
GITHUB
  remote: gsscoder/CSharpx
    src/CSharpx/EnumerableExtensions.cs (1ae4e7b6ac1b19493f333e23c9ae636a01b23862)
    src/CSharpx/Maybe.cs (1ae4e7b6ac1b19493f333e23c9ae636a01b23862)
  remote: gsscoder/railwaysharp
    src/RailwaySharp/ErrorHandling.cs (fa4f11173e470d558df80987e69e6ab10f977fcd)